STORAGE: NONE
RESTRICTION: == net5.0
NUGET
  remote: https://api.nuget.org/v3/index.json
    FSharp.Core (5.0.1)
    FSharp.Data (4.1.1)
      FSharp.Core (>= 4.7.2)
